PATH
  remote: .
  specs:
    sprockets-almond (0.0.1)
      sprockets (~> 2.9)

GEM
  remote: https://rubygems.org/
  specs:
    hike (1.2.3)
    minitest (5.2.3)
    multi_json (1.8.4)
    rack (1.5.2)
    rack-test (0.6.2)
      rack (>= 1.0)
    rake (10.1.1)
    sprockets (2.10.1)
      hike (~> 1.2)
      multi_json (~> 1.0)
      rack (~> 1.0)
      tilt (~> 1.1, != 1.3.0)
    tilt (1.4.1)

PLATFORMS
  ruby

DEPENDENCIES
  minitest
  rack-test
  rake
  sprockets-almond!
